GEM
  remote: https://rubygems.org/
  specs:
    coderay (1.1.0)
    faraday (0.8.9)
      multipart-post (~> 1.2.0)
    idobata (0.0.7)
      faraday (~> 0.8.8)
    method_source (0.8.2)
    multipart-post (1.2.0)
    pry (0.10.1)
      coderay (~> 1.1.0)
      method_source (~> 0.8.1)
      slop (~> 3.4)
    slop (3.6.0)

PLATFORMS
  ruby

DEPENDENCIES
  idobata
  pry
